GEM
  remote: http://rubygems.org/
  specs:
    adsf (1.1.1)
      rack (>= 1.0.0)
    daemons (1.1.9)
    eventmachine (1.0.0)
    fl-rocco (1.0.0)
      mustache
      redcarpet (~> 1.17)
    haml (3.1.7)
    json (1.7.5)
    localtunnel (0.3)
      json (>= 1.2.4)
      net-ssh (>= 2.0.22)
      net-ssh-gateway (>= 1.0.1)
    mustache (0.99.4)
    net-ssh (2.6.2)
    net-ssh-gateway (1.1.0)
      net-ssh (>= 1.99.1)
    rack (1.4.1)
    rake (10.0.3)
    redcarpet (1.17.2)
    sass (3.2.3)
    thin (1.5.0)
      daemons (>= 1.0.9)
      eventmachine (>= 0.12.6)
      rack (>= 1.0.0)

PLATFORMS
  ruby

DEPENDENCIES
  adsf
  fl-rocco
  haml
  localtunnel
  rake
  sass
  thin
